GEM
  remote: https://rubygems.org/
  specs:
    sqlite3 (1.6.1-x64-mingw-ucrt)
    terminal-table (3.0.2)
      unicode-display_width (>= 1.1.1, < 3)
    unicode-display_width (2.4.2)

PLATFORMS
  x64-mingw-ucrt

DEPENDENCIES
  sqlite3 (~> 1.3, >= 1.3.11)
  terminal-table

RUBY VERSION
   ruby 3.2.1p31

BUNDLED WITH
   2.4.7
